GEM
  remote: https://rubygems.org/
  specs:
    chef-vault (2.5.0)
    ffi (1.9.8)
    kitchen-docker (2.1.0)
      test-kitchen (>= 1.0.0)
    kitchen-nodes (0.3.0)
      net-ping
      test-kitchen (~> 1.4)
      win32-security
    kitchen-vagrant (0.18.0)
      test-kitchen (~> 1.4)
    mixlib-shellout (2.0.1)
    net-ping (1.7.7)
    net-scp (1.2.1)
      net-ssh (>= 2.6.5)
    net-ssh (2.9.2)
    safe_yaml (1.0.4)
    test-kitchen (1.4.0)
      mixlib-shellout (>= 1.2, < 3.0)
      net-scp (~> 1.1)
      net-ssh (~> 2.7)
      safe_yaml (~> 1.0)
      thor (~> 0.18)
    thor (0.19.1)
    vagrant-wrapper (2.0.2)
    win32-security (0.3.1)
      ffi

PLATFORMS
  ruby

DEPENDENCIES
  chef-vault
  kitchen-docker
  kitchen-nodes
  kitchen-vagrant
  vagrant-wrapper
