GEM
  remote: https://rubygems.org/
  specs:
    builder (3.2.2)
    chef-vault (2.5.0)
    ffi (1.9.8)
    gssapi (1.2.0)
      ffi (>= 1.0.1)
    gyoku (1.3.0)
      builder (>= 2.1.2)
    httpclient (2.6.0.1)
    kitchen-docker (1.7.0)
      test-kitchen (>= 1.0.0)
    kitchen-vagrant (0.17.0.rc.1)
      test-kitchen (~> 1.4.0.rc.1)
    little-plugger (1.1.3)
    logging (1.8.2)
      little-plugger (>= 1.1.3)
      multi_json (>= 1.8.4)
    mixlib-shellout (2.0.1)
    multi_json (1.11.0)
    net-scp (1.2.1)
      net-ssh (>= 2.6.5)
    net-ssh (2.9.2)
    nori (2.5.0)
    rubyntlm (0.4.0)
    rubyzip (1.1.7)
    safe_yaml (1.0.4)
    test-kitchen (1.4.0.rc.1)
      mixlib-shellout (>= 1.2, < 3.0)
      net-scp (~> 1.1)
      net-ssh (~> 2.7)
      safe_yaml (~> 1.0)
      thor (~> 0.18)
    thor (0.19.1)
    uuidtools (2.1.5)
    vagrant-wrapper (2.0.2)
    winrm (1.3.2)
      builder (>= 2.1.2)
      gssapi (~> 1.2)
      gyoku (~> 1.0)
      httpclient (~> 2.2, >= 2.2.0.2)
      logging (~> 1.6, >= 1.6.1)
      nori (~> 2.0)
      rubyntlm (~> 0.4.0)
      uuidtools (~> 2.1.2)
    winrm-transport (1.0.0)
      rubyzip (~> 1.1, >= 1.1.7)
      winrm (~> 1.3)

PLATFORMS
  ruby

DEPENDENCIES
  chef-vault
  kitchen-docker
  kitchen-vagrant (= 0.17.0.rc.1)
  test-kitchen (= 1.4.0.rc.1)
  vagrant-wrapper
  winrm-transport
